PATH
  remote: .
  specs:
    swagchart (1.1.2)

GEM
  remote: https://rubygems.org/
  specs:
    minitest (5.9.0)
    rake (11.1.2)

PLATFORMS
  ruby

DEPENDENCIES
  bundler (~> 1.3)
  minitest
  rake
  swagchart!

BUNDLED WITH
   1.11.2
