PATH
  remote: .
  specs:
    swagchart (1.0.0)

GEM
  remote: https://rubygems.org/
  specs:
    minitest (5.3.2)
    rake (10.2.2)

PLATFORMS
  ruby

DEPENDENCIES
  bundler (~> 1.3)
  minitest
  rake
  swagchart!
