PATH
  remote: .
  specs:
    swagchart (1.2.0)

GEM
  remote: https://rubygems.org/
  specs:
    minitest (5.9.0)
    rake (11.1.2)

PLATFORMS
  ruby

DEPENDENCIES
  bundler (~> 1.3)
  minitest (~> 5.9.0)
  rake (~> 11.1.2)
  swagchart!

BUNDLED WITH
   1.11.2
